PATH
  remote: .
  specs:
    bter-ruby (0.0.4)
      json (~> 1.8, >= 1.8.1)
      logger (~> 1.2, >= 1.2.8)
      typhoeus (~> 0.6, >= 0.6.8)

GEM
  remote: https://rubygems.org/
  specs:
    ethon (0.7.0)
      ffi (>= 1.3.0)
    ffi (1.9.3)
    json (1.8.1)
    logger (1.2.8)
    typhoeus (0.6.8)
      ethon (>= 0.7.0)

PLATFORMS
  ruby

DEPENDENCIES
  bter-ruby!
