PATH
  remote: .
  specs:
    bter-ruby (0.0.5)
      httparty (~> 0.13, >= 0.13.1)
      json (~> 1.8, >= 1.8.1)

GEM
  remote: https://rubygems.org/
  specs:
    httparty (0.13.1)
      json (~> 1.8)
      multi_xml (>= 0.5.2)
    json (1.8.1)
    multi_xml (0.5.5)

PLATFORMS
  ruby

DEPENDENCIES
  bter-ruby!
